GIT
  remote: git://github.com/AndrewRadev/vimrunner.git
  revision: 55aef9b0ab9e4ffc127c675db6a9c91bd54213a1
  specs:
    vimrunner (0.1.0)

GEM
  remote: http://rubygems.org/
  specs:
    diff-lcs (1.1.3)
    rspec (2.11.0)
      rspec-core (~> 2.11.0)
      rspec-expectations (~> 2.11.0)
      rspec-mocks (~> 2.11.0)
    rspec-core (2.11.1)
    rspec-expectations (2.11.2)
      diff-lcs (~> 1.1.3)
    rspec-mocks (2.11.2)

PLATFORMS
  ruby

DEPENDENCIES
  rspec
  vimrunner!
